GEM
  remote: https://rubygems.org/
  specs:
    rake (10.0.4)
    redis (3.0.3)

PLATFORMS
  ruby

DEPENDENCIES
  rake
  redis
